GEM
  remote: http://rubygems.org/
  specs:
    ZenTest (4.8.2)
    autotest (4.4.6)
      ZenTest (>= 4.4.1)
    autotest-growl (0.2.16)
    diff-lcs (1.1.3)
    json (1.7.5)
    mime-types (1.19)
    rake (0.9.2.2)
    rest-client (1.6.7)
      mime-types (>= 1.16)
    rspec (2.11.0)
      rspec-core (~> 2.11.0)
      rspec-expectations (~> 2.11.0)
      rspec-mocks (~> 2.11.0)
    rspec-core (2.11.1)
    rspec-expectations (2.11.3)
      diff-lcs (~> 1.1.3)
    rspec-mocks (2.11.3)

PLATFORMS
  ruby

DEPENDENCIES
  autotest (~> 4.4.6)
  autotest-growl
  json
  rake
  rest-client
  rspec
  rspec-mocks
