GEM
  remote: http://rubygems.org/
  specs:
    ZenTest (4.8.2)
    addressable (2.3.2)
    autotest (4.4.6)
      ZenTest (>= 4.4.1)
    autotest-growl (0.2.16)
    diff-lcs (1.1.3)
    json (1.7.5)
    mime-types (1.19)
    nokogiri (1.5.5)
    rake (0.9.2.2)
    rdf (0.3.8)
      addressable (>= 2.2.6)
    rdf-rdfxml (0.3.8)
      rdf (>= 0.3.4)
      rdf-xsd (>= 0.3.5)
    rdf-trig (0.1.3)
      rdf (>= 0.3.4)
      rdf-turtle (>= 0.1.1)
    rdf-turtle (0.1.2)
      rdf (>= 0.3.4)
    rdf-xsd (0.3.8)
      rdf (>= 0.3.4)
    rest-client (1.6.7)
      mime-types (>= 1.16)
    rspec (2.11.0)
      rspec-core (~> 2.11.0)
      rspec-expectations (~> 2.11.0)
      rspec-mocks (~> 2.11.0)
    rspec-core (2.11.1)
    rspec-expectations (2.11.3)
      diff-lcs (~> 1.1.3)
    rspec-mocks (2.11.3)

PLATFORMS
  ruby

DEPENDENCIES
  autotest (~> 4.4.6)
  autotest-growl
  json
  nokogiri
  rake
  rdf
  rdf-rdfxml
  rdf-trig
  rest-client
  rspec
  rspec-mocks
